GEM
  remote: https://rubygems.org/
  specs:
    addressable (2.8.7)
      public_suffix (>= 2.0.2, < 7.0)
    faraday (2.12.2)
      faraday-net_http (>= 2.0, < 3.5)
      json
      logger
    faraday-net_http (3.4.0)
      net-http (>= 0.5.0)
    impuri (0.8.0)
    json (2.9.1)
    logger (1.6.5)
    net-http (0.6.0)
      uri
    net-ssh (7.3.0)
    net-ssh-shell (0.1.0)
      net-ssh (>= 2.0.9)
    octokit (9.2.0)
      faraday (>= 1, < 3)
      sawyer (~> 0.9)
    public_suffix (6.0.1)
    sawyer (0.9.2)
      addressable (>= 2.3.5)
      faraday (>= 0.17.3, < 3)
    switches.rb (0.9.15)
    uri (1.0.2)

PLATFORMS
  ruby

DEPENDENCIES
  impuri
  net-ssh
  net-ssh-shell
  octokit
  switches.rb

BUNDLED WITH
   2.2.3
